GEM
  remote: https://rubygems.org/
  specs:
    activesupport (5.1.4)
      concurrent-ruby (~> 1.0, >= 1.0.2)
      i18n (~> 0.7)
      minitest (~> 5.1)
      tzinfo (~> 1.1)
    attributor (5.2.0)
      activesupport (>= 3)
      hashie (~> 3)
      randexp (~> 0)
    concurrent-ruby (1.0.5)
    diff-lcs (1.3)
    fastercsv (1.5.5)
    harness (2.0.0)
      statsd-ruby
    hashie (3.5.7)
    i18n (0.9.1)
      concurrent-ruby (~> 1.0)
    mime (0.4.4)
    minitest (5.11.1)
    mustermann (0.4.0)
      tool (~> 0.2)
    praxis (0.21)
      activesupport (>= 3)
      attributor (~> 5.1)
      harness (~> 2)
      mime (~> 0)
      mustermann (~> 0)
      praxis-blueprints (~> 3.3)
      praxis-mapper (~> 4.3)
      rack (~> 1)
      terminal-table (~> 1.4)
      thor (~> 0.18)
    praxis-blueprints (3.3)
      activesupport (>= 3)
      attributor (>= 5.1)
      randexp (~> 0)
    praxis-mapper (4.4)
      activesupport (>= 3)
      randexp (~> 0)
      sequel (~> 4)
    rack (1.6.8)
    rake (12.3.0)
    randexp (0.1.7)
    rspec (3.7.0)
      rspec-core (~> 3.7.0)
      rspec-expectations (~> 3.7.0)
      rspec-mocks (~> 3.7.0)
    rspec-core (3.7.1)
      rspec-support (~> 3.7.0)
    rspec-expectations (3.7.0)
      diff-lcs (>= 1.2.0, < 2.0)
      rspec-support (~> 3.7.0)
    rspec-mocks (3.7.0)
      diff-lcs (>= 1.2.0, < 2.0)
      rspec-support (~> 3.7.0)
    rspec-support (3.7.0)
    sequel (4.49.0)
    statsd-ruby (1.4.0)
    terminal-table (1.8.0)
      unicode-display_width (~> 1.1, >= 1.1.1)
    thor (0.20.0)
    thread_safe (0.3.6)
    tool (0.2.3)
    tzinfo (1.2.4)
      thread_safe (~> 0.1)
    unicode-display_width (1.3.0)

PLATFORMS
  ruby

DEPENDENCIES
  fastercsv
  praxis
  rack (~> 1.0)
  rake
  rspec

BUNDLED WITH
   1.16.0
