GEM
  remote: https://rubygems.org/
  specs:
    activesupport (4.2.11)
      i18n (~> 0.7)
      minitest (~> 5.1)
      thread_safe (~> 0.3, >= 0.3.4)
      tzinfo (~> 1.1)
    attributor (5.2.0)
      activesupport (>= 3)
      hashie (~> 3)
      randexp (~> 0)
    coderay (1.1.2)
    concurrent-ruby (1.1.3)
    diff-lcs (1.3)
    domain_name (0.5.20180417)
      unf (>= 0.0.5, < 1.0.0)
    fastercsv (1.5.5)
    harness (2.0.0)
      statsd-ruby
    hashie (3.6.0)
    http-cookie (1.0.3)
      domain_name (~> 0.5)
    i18n (0.9.5)
      concurrent-ruby (~> 1.0)
    macaddr (1.7.1)
      systemu (~> 2.6.2)
    mailgun-ruby (1.1.10)
      rest-client (~> 2.0)
    method_source (0.9.2)
    mime (0.4.4)
    mime-types (3.2.2)
      mime-types-data (~> 3.2015)
    mime-types-data (3.2018.0812)
    minitest (5.11.3)
    mustermann (0.4.0)
      tool (~> 0.2)
    netrc (0.11.0)
    praxis (0.21)
      activesupport (>= 3)
      attributor (~> 5.1)
      harness (~> 2)
      mime (~> 0)
      mustermann (~> 0)
      praxis-blueprints (~> 3.3)
      praxis-mapper (~> 4.3)
      rack (~> 1)
      terminal-table (~> 1.4)
      thor (~> 0.18)
    praxis-blueprints (3.3)
      activesupport (>= 3)
      attributor (>= 5.1)
      randexp (~> 0)
    praxis-mapper (4.4)
      activesupport (>= 3)
      randexp (~> 0)
      sequel (~> 4)
    pry (0.12.2)
      coderay (~> 1.1.0)
      method_source (~> 0.9.0)
    puma (3.11.4)
    rack (1.6.11)
    rack-contrib (1.8.0)
      rack (~> 1.4)
    rake (12.3.1)
    randexp (0.1.7)
    rest-client (2.0.2)
      http-cookie (>= 1.0.2, < 2.0)
      mime-types (>= 1.16, < 4.0)
      netrc (~> 0.8)
    right_support (2.14.2)
    rspec (3.8.0)
      rspec-core (~> 3.8.0)
      rspec-expectations (~> 3.8.0)
      rspec-mocks (~> 3.8.0)
    rspec-core (3.8.0)
      rspec-support (~> 3.8.0)
    rspec-expectations (3.8.2)
      diff-lcs (>= 1.2.0, < 2.0)
      rspec-support (~> 3.8.0)
    rspec-mocks (3.8.0)
      diff-lcs (>= 1.2.0, < 2.0)
      rspec-support (~> 3.8.0)
    rspec-support (3.8.0)
    sequel (4.49.0)
    stalin (0.2.0)
    statsd-ruby (1.4.0)
    systemu (2.6.5)
    terminal-table (1.8.0)
      unicode-display_width (~> 1.1, >= 1.1.1)
    thor (0.20.3)
    thread_safe (0.3.6)
    tool (0.2.3)
    tzinfo (1.2.5)
      thread_safe (~> 0.1)
    unf (0.1.4)
      unf_ext
    unf_ext (0.0.7.5)
    unicode-display_width (1.4.0)
    uuid (2.3.9)
      macaddr (~> 1.0)

PLATFORMS
  ruby

DEPENDENCIES
  fastercsv
  mailgun-ruby (~> 1.1.6)
  praxis
  pry
  puma
  rack (~> 1.6.11)
  rack-contrib
  rake
  right_support
  rspec
  stalin
  uuid

BUNDLED WITH
   1.17.1
